GIT
  remote: https://github.com/fredwu/datamappify.git
  revision: e9ef1e274b3d53540b75f82ebca00bc36b9f334d
  specs:
    datamappify (0.70.0.beta2)
      activemodel (~> 4.0.0)
      hooks (~> 0.3.0)
      virtus (~> 1.0.0)

GEM
  remote: https://rubygems.org/
  specs:
    activemodel (4.0.13)
      activesupport (= 4.0.13)
      builder (~> 3.1.0)
    activesupport (4.0.13)
      i18n (~> 0.6, >= 0.6.9)
      minitest (~> 4.2)
      multi_json (~> 1.3)
      thread_safe (~> 0.1)
      tzinfo (~> 0.3.37)
    axiom-types (0.1.1)
      descendants_tracker (~> 0.0.4)
      ice_nine (~> 0.11.0)
      thread_safe (~> 0.3, >= 0.3.1)
    builder (3.1.4)
    coderay (1.1.0)
    coercible (1.0.0)
      descendants_tracker (~> 0.0.1)
    concurrent-ruby (1.2.2)
    descendants_tracker (0.0.4)
      thread_safe (~> 0.3, >= 0.3.1)
    equalizer (0.0.11)
    hooks (0.3.6)
      uber (~> 0.0.4)
    i18n (0.9.5)
      concurrent-ruby (~> 1.0)
    ice_nine (0.11.2)
    method_source (0.8.2)
    minitest (4.7.5)
    multi_json (1.15.0)
    pry (0.9.12.4)
      coderay (~> 1.0)
      method_source (~> 0.8)
      slop (~> 3.4)
    sequel (4.5.0)
    slop (3.4.7)
    sqlite3 (1.3.8)
    thread_safe (0.3.6)
    tzinfo (0.3.62)
    uber (0.0.15)
    virtus (1.0.5)
      axiom-types (~> 0.1)
      coercible (~> 1.0)
      descendants_tracker (~> 0.0, >= 0.0.3)
      equalizer (~> 0.0, >= 0.0.9)

PLATFORMS
  ruby

DEPENDENCIES
  datamappify!
  pry
  sequel
  sqlite3
