GIT
  remote: git://github.com/fredwu/datamappify.git
  revision: a7ba0a2add4371c3c004a85a695e0a6a83fed476
  specs:
    datamappify (0.70.0.beta2)
      activemodel (~> 4.0.0)
      hooks (~> 0.3.0)
      virtus (~> 1.0.0)

GEM
  remote: https://rubygems.org/
  specs:
    activemodel (4.0.2)
      activesupport (= 4.0.2)
      builder (~> 3.1.0)
    activesupport (4.0.2)
      i18n (~> 0.6, >= 0.6.4)
      minitest (~> 4.2)
      multi_json (~> 1.3)
      thread_safe (~> 0.1)
      tzinfo (~> 0.3.37)
    atomic (1.1.14)
    axiom-types (0.0.5)
      descendants_tracker (~> 0.0.1)
      ice_nine (~> 0.9)
    backports (3.3.5)
    builder (3.1.4)
    coderay (1.1.0)
    coercible (0.2.0)
      backports (~> 3.0, >= 3.1.0)
      descendants_tracker (~> 0.0.1)
    descendants_tracker (0.0.3)
    equalizer (0.0.8)
    hooks (0.3.3)
    i18n (0.6.9)
    ice_nine (0.10.0)
    method_source (0.8.2)
    minitest (4.7.5)
    multi_json (1.8.2)
    pry (0.9.12.4)
      coderay (~> 1.0)
      method_source (~> 0.8)
      slop (~> 3.4)
    sequel (4.5.0)
    slop (3.4.7)
    sqlite3 (1.3.8)
    thread_safe (0.1.3)
      atomic
    tzinfo (0.3.38)
    virtus (1.0.0)
      axiom-types (~> 0.0.5)
      coercible (~> 0.2)
      descendants_tracker (~> 0.0.1)
      equalizer (~> 0.0.7)

PLATFORMS
  ruby

DEPENDENCIES
  datamappify!
  pry
  sequel
  sqlite3
